GEM
  remote: http://rubygems.org/
  specs:
    activemodel (3.2.3)
      activesupport (= 3.2.3)
      builder (~> 3.0.0)
    activesupport (3.2.3)
      i18n (~> 0.6)
      multi_json (~> 1.0)
    addressable (2.2.7)
    bson (1.6.2)
    bson_ext (1.6.2)
      bson (~> 1.6.2)
    builder (3.0.0)
    ffi (1.0.11)
    foreman (0.45.0)
      thor (>= 0.13.6)
    guard (1.0.1)
      ffi (>= 0.5.0)
      thor (~> 0.14.6)
    guard-minitest (0.5.0)
      guard (>= 0.4)
    guard-puma (0.2.0)
      guard (>= 1.0.1)
      libnotify
      puma
      rb-inotify
    i18n (0.6.0)
    launchy (2.1.0)
      addressable (~> 2.2.6)
    libnotify (0.7.2)
    mime-types (1.18)
    minitest (2.12.1)
    mongo (1.6.2)
      bson (~> 1.6.2)
    mongoid (2.4.9)
      activemodel (~> 3.1)
      mongo (~> 1.3)
      tzinfo (~> 0.3.22)
    multi_json (1.3.2)
    puma (1.2.1)
      rack (~> 1.2)
    rack (1.4.1)
    rack-protection (1.2.0)
      rack
    rack-test (0.6.1)
      rack (>= 1.0)
    rake (0.9.2.2)
    rb-inotify (0.8.8)
      ffi (>= 0.5.0)
    rest-client (1.6.7)
      mime-types (>= 1.16)
    shotgun (0.9)
      rack (>= 1.0)
    sinatra (1.3.2)
      rack (~> 1.3, >= 1.3.6)
      rack-protection (~> 1.2)
      tilt (~> 1.3, >= 1.3.3)
    thor (0.14.6)
    tilt (1.3.3)
    tzinfo (0.3.33)
    weasel_diesel (1.0.0)

PLATFORMS
  ruby

DEPENDENCIES
  bson_ext (~> 1.5)
  foreman
  guard-minitest
  guard-puma
  launchy
  minitest
  mongoid (~> 2.4)
  puma
  rack-test (= 0.6.1)
  rake
  rest-client
  shotgun
  sinatra (= 1.3.2)
  weasel_diesel (= 1.0.0)
